{
  "SkullStripped": true,
  "Modality": "MR",
  "MagneticFieldStrength": 3,
  "ImagingFrequency": 123.217553,
  "Manufacturer": "Siemens",
  "ManufacturersModelName": "TrioTim",
  "InstitutionName": "Instytut Biologii Doswiadczalnej",
  "InstitutionalDepartmentName": "Department",
  "InstitutionAddress": "Pasteura 3,Warszawa,District,PL,02093",
  "PatientPosition": "HFS",
  "ProcedureStepDescription": "HEAD 32ch^BISAM",
  "SoftwareVersions": "syngo MR B17",
  "MRAcquisitionType": "3D",
  "ScanningSequence": "GR\\IR",
  "SequenceVariant": "SP\\MP",
  "ScanOptions": "IR",
  "SequenceName": "*tfl3d1_ns",
  "ImageType": [
    "ORIGINAL",
    "PRIMARY",
    "M",
    "ND",
    "NORM",
    "MAGNITUDE"
  ],
  "NonlinearGradientCorrection": false,
  "SeriesNumber": 18,
  "AcquisitionTime": "11:47:0.987500",
  "AcquisitionNumber": 1,
  "SliceThickness": 1,
  "SAR": 0.0638682,
  "TablePosition": [
    0,
    0,
    0
  ],
  "EchoTime": 0.00332,
  "RepetitionTime": 2.53,
  "InversionTime": 1.1,
  "FlipAngle": 7,
  "PartialFourier": 1,
  "BaseResolution": 256,
  "ShimSetting": [
    7079,
    -23568,
    18390,
    -110,
    -49,
    168,
    -50,
    25
  ],
  "TxRefAmp": 335.66,
  "PhaseResolution": 1,
  "ReceiveCoilName": "32Ch_Head",
  "CoilString": "C:HEA;HEP",
  "PulseSequenceDetails": "%SiemensSeq%\\tfl",
  "RefLinesPE": 32,
  "CoilCombinationMethod": "Adaptive Combine",
  "ConsistencyInfo": "N4_VB17A_LATEST_20090307",
  "MatrixCoilMode": "GRAPPA",
  "PercentPhaseFOV": 100,
  "PercentSampling": 100,
  "PhaseEncodingSteps": 255,
  "AcquisitionMatrixPE": 256,
  "ReconMatrixPE": 256,
  "ParallelReductionFactorInPlane": 2,
  "PixelBandwidth": 199,
  "DwellTime": 9.8e-06,
  "ImageOrientationPatientDICOM": [
    -0.0565788,
    0.998301,
    0.0139476,
    -0.0463523,
    0.0113284,
    -0.998861
  ],
  "ImageOrientationText": "Sag>Cor(-3.3)>Tra(2.6)",
  "InPlanePhaseEncodingDirectionDICOM": "ROW",
  "BidsGuess": [
    "anat",
    "_acq-tfl3p2_run-18_T1w"
  ],
  "ConversionSoftware": "dcm2niix",
  "ConversionSoftwareVersion": "v1.0.20250505",
  "Dcm2bidsVersion": "3.2.0",
  "GeneratedBy": [
    {
      "Name": "fMRIPrep",
      "Version": "23.2.1",
      "Description": "fMRIPrep was used for anatomical and functional preprocessing.",
      "CodeURL": "https://github.com/nipreps/fmriprep"
    }
  ]
}