{
  "DelayTime": 0.07250000000000001,
  "RepetitionTime": 1.55,
  "SkullStripped": false,
  "Modality": "MR",
  "MagneticFieldStrength": 3,
  "ImagingFrequency": 123.217515,
  "Manufacturer": "Siemens",
  "ManufacturersModelName": "TrioTim",
  "InstitutionName": "Instytut Biologii Doswiadczalnej",
  "InstitutionalDepartmentName": "Department",
  "InstitutionAddress": "Pasteura 3,Warszawa,District,PL,02093",
  "PatientPosition": "HFS",
  "SoftwareVersions": "syngo MR B17",
  "MRAcquisitionType": "2D",
  "ScanningSequence": "EP",
  "SequenceVariant": "SK\\SS",
  "ScanOptions": "FS",
  "SequenceName": "epfid2d1_82",
  "ImageType": [
    "ORIGINAL",
    "PRIMARY",
    "M",
    "MB",
    "ND",
    "MOSAIC",
    "MAGNITUDE"
  ],
  "NonlinearGradientCorrection": false,
  "SeriesNumber": 9,
  "AcquisitionTime": "08:51:27.262500",
  "AcquisitionNumber": 1,
  "ImageComments": "Unaliased MB3/PE3/LB",
  "SliceThickness": 2.5,
  "SpacingBetweenSlices": 2.5,
  "SAR": 0.0436438,
  "TablePosition": [
    0,
    0,
    0
  ],
  "EchoTime": 0.0304,
  "FlipAngle": 56,
  "PartialFourier": 1,
  "BaseResolution": 84,
  "ShimSetting": [
    7074,
    -23676,
    18794,
    716,
    -21,
    535,
    160,
    1
  ],
  "TxRefAmp": 317.16,
  "PhaseResolution": 1,
  "ReceiveCoilName": "32Ch_Head",
  "CoilString": "C:HEA;HEP",
  "PulseSequenceDetails": "%CustomerSeq%\\cmrr_mbep2d_bold",
  "CoilCombinationMethod": "Sum of Squares",
  "ConsistencyInfo": "N4_VB17A_LATEST_20090307",
  "MatrixCoilMode": "SENSE",
  "MultibandAccelerationFactor": 3,
  "PercentPhaseFOV": 97.619,
  "PercentSampling": 100,
  "PhaseEncodingSteps": 82,
  "AcquisitionMatrixPE": 82,
  "ReconMatrixPE": 82,
  "BandwidthPerPixelPhaseEncode": 21.777,
  "EffectiveEchoSpacing": 0.00056,
  "DerivedVendorReportedEchoSpacing": 0.00056,
  "TotalReadoutTime": 0.04536,
  "PixelBandwidth": 2588,
  "DwellTime": 2.3e-06,
  "PhaseEncodingDirection": "j-",
  "SliceTiming": [
    0,
    0.7,
    1.4,
    0.5425,
    1.245,
    0.3875,
    1.0875,
    0.2325,
    0.9325,
    0.0775,
    0.7775,
    1.4775,
    0.6225,
    1.3225,
    0.465,
    1.165,
    0.31,
    1.01,
    0.155,
    0.855,
    0,
    0.7,
    1.4,
    0.5425,
    1.245,
    0.3875,
    1.0875,
    0.2325,
    0.9325,
    0.0775,
    0.7775,
    1.4775,
    0.6225,
    1.3225,
    0.465,
    1.165,
    0.31,
    1.01,
    0.155,
    0.855,
    0,
    0.7,
    1.4,
    0.5425,
    1.245,
    0.3875,
    1.0875,
    0.2325,
    0.9325,
    0.0775,
    0.7775,
    1.4775,
    0.6225,
    1.3225,
    0.465,
    1.165,
    0.31,
    1.01,
    0.155,
    0.855
  ],
  "ImageOrientationPatientDICOM": [
    0.999094,
    0.0209641,
    -0.0370384,
    -0.0298272,
    0.965688,
    -0.257987
  ],
  "ImageOrientationText": "Tra>Cor(-15.0)>Sag(-1.7)",
  "InPlanePhaseEncodingDirectionDICOM": "COL",
  "BidsGuess": [
    "func",
    "_acq-epfid2m3_dir-AP_run-9_bold"
  ],
  "ConversionSoftware": "dcm2niix",
  "ConversionSoftwareVersion": "v1.0.20250505",
  "Dcm2bidsVersion": "3.2.0",
  "TaskName": "Music Listening",
  "GeneratedBy": [
    {
      "Name": "fMRIPrep",
      "Version": "21.0.0",
      "Description": "fMRIPrep was used for anatomical and functional preprocessing.",
      "CodeURL": "https://github.com/nipreps/fmriprep"
    }
  ]
}