{
  "DelayTime": 0.07250000000000001,
  "RepetitionTime": 1.55,
  "SkullStripped": false,
  "Modality": "MR",
  "MagneticFieldStrength": 3,
  "ImagingFrequency": 123.217481,
  "Manufacturer": "Siemens",
  "ManufacturersModelName": "TrioTim",
  "InstitutionName": "Instytut Biologii Doswiadczalnej",
  "InstitutionalDepartmentName": "Department",
  "InstitutionAddress": "Pasteura 3,Warszawa,District,PL,02093",
  "PatientPosition": "HFS",
  "SoftwareVersions": "syngo MR B17",
  "MRAcquisitionType": "2D",
  "ScanningSequence": "EP",
  "SequenceVariant": "SK\\SS",
  "ScanOptions": "FS",
  "SequenceName": "epfid2d1_82",
  "ImageType": [
    "ORIGINAL",
    "PRIMARY",
    "M",
    "MB",
    "ND",
    "MOSAIC",
    "MAGNITUDE"
  ],
  "NonlinearGradientCorrection": false,
  "SeriesNumber": 10,
  "AcquisitionTime": "13:56:57.070000",
  "AcquisitionNumber": 1,
  "ImageComments": "Unaliased MB3/PE3/LB",
  "SliceThickness": 2.5,
  "SpacingBetweenSlices": 2.5,
  "SAR": 0.0626722,
  "TablePosition": [
    0,
    0,
    0
  ],
  "EchoTime": 0.0304,
  "FlipAngle": 56,
  "PartialFourier": 1,
  "BaseResolution": 84,
  "ShimSetting": [
    7112,
    -23651,
    18738,
    664,
    208,
    -10,
    107,
    -61
  ],
  "TxRefAmp": 318.59,
  "PhaseResolution": 1,
  "ReceiveCoilName": "32Ch_Head",
  "CoilString": "C:HEA;HEP",
  "PulseSequenceDetails": "%CustomerSeq%\\cmrr_mbep2d_bold",
  "CoilCombinationMethod": "Sum of Squares",
  "ConsistencyInfo": "N4_VB17A_LATEST_20090307",
  "MatrixCoilMode": "SENSE",
  "MultibandAccelerationFactor": 3,
  "PercentPhaseFOV": 97.619,
  "PercentSampling": 100,
  "PhaseEncodingSteps": 82,
  "AcquisitionMatrixPE": 82,
  "ReconMatrixPE": 82,
  "BandwidthPerPixelPhaseEncode": 21.777,
  "EffectiveEchoSpacing": 0.00056,
  "DerivedVendorReportedEchoSpacing": 0.00056,
  "TotalReadoutTime": 0.04536,
  "PixelBandwidth": 2588,
  "DwellTime": 2.3e-06,
  "PhaseEncodingDirection": "j-",
  "SliceTiming": [
    0,
    0.7,
    1.4025,
    0.545,
    1.245,
    0.39,
    1.09,
    0.235,
    0.935,
    0.08,
    0.78,
    1.48,
    0.6225,
    1.3225,
    0.4675,
    1.1675,
    0.3125,
    1.0125,
    0.1575,
    0.8575,
    0,
    0.7,
    1.4025,
    0.545,
    1.245,
    0.39,
    1.09,
    0.235,
    0.935,
    0.08,
    0.78,
    1.48,
    0.6225,
    1.3225,
    0.4675,
    1.1675,
    0.3125,
    1.0125,
    0.1575,
    0.8575,
    0,
    0.7,
    1.4025,
    0.545,
    1.245,
    0.39,
    1.09,
    0.235,
    0.935,
    0.08,
    0.78,
    1.48,
    0.6225,
    1.3225,
    0.4675,
    1.1675,
    0.3125,
    1.0125,
    0.1575,
    0.8575
  ],
  "ImageOrientationPatientDICOM": [
    0.99981,
    0.0127779,
    0.0147296,
    -0.00715482,
    0.943086,
    -0.332472
  ],
  "ImageOrientationText": "Tra>Cor(-19.4)>Sag(1.0)",
  "InPlanePhaseEncodingDirectionDICOM": "COL",
  "BidsGuess": [
    "func",
    "_acq-epfid2m3_dir-AP_run-10_bold"
  ],
  "ConversionSoftware": "dcm2niix",
  "ConversionSoftwareVersion": "v1.0.20250505",
  "Dcm2bidsVersion": "3.2.0",
  "TaskName": "Playback",
  "GeneratedBy": [
    {
      "Name": "fMRIPrep",
      "Version": "21.0.0",
      "Description": "fMRIPrep was used for anatomical and functional preprocessing.",
      "CodeURL": "https://github.com/nipreps/fmriprep"
    }
  ]
}