{
  "DelayTime": 0.06499999999999995,
  "RepetitionTime": 1.41,
  "SkullStripped": false,
  "Modality": "MR",
  "MagneticFieldStrength": 3,
  "ImagingFrequency": 123.217519,
  "Manufacturer": "Siemens",
  "ManufacturersModelName": "TrioTim",
  "InstitutionName": "Instytut Biologii Doswiadczalnej",
  "InstitutionalDepartmentName": "Department",
  "InstitutionAddress": "Pasteura 3,Warszawa,District,PL,02093",
  "PatientPosition": "HFS",
  "SoftwareVersions": "syngo MR B17",
  "MRAcquisitionType": "2D",
  "ScanningSequence": "EP",
  "SequenceVariant": "SK\\SS",
  "ScanOptions": "FS",
  "SequenceName": "epfid2d1_82",
  "ImageType": [
    "ORIGINAL",
    "PRIMARY",
    "M",
    "MB",
    "ND",
    "MOSAIC",
    "MAGNITUDE"
  ],
  "NonlinearGradientCorrection": false,
  "SeriesNumber": 9,
  "AcquisitionTime": "14:34:38.025000",
  "AcquisitionNumber": 1,
  "ImageComments": "Unaliased MB3/PE3/LB",
  "SliceThickness": 2.5,
  "SpacingBetweenSlices": 2.5,
  "SAR": 0.0490119,
  "TablePosition": [
    0,
    0,
    0
  ],
  "EchoTime": 0.0304,
  "FlipAngle": 56,
  "PartialFourier": 1,
  "BaseResolution": 84,
  "ShimSetting": [
    7099,
    -23639,
    18665,
    661,
    115,
    470,
    362,
    -137
  ],
  "TxRefAmp": 312.828,
  "PhaseResolution": 1,
  "ReceiveCoilName": "32Ch_Head",
  "CoilString": "C:HEA;HEP",
  "PulseSequenceDetails": "%CustomerSeq%\\cmrr_mbep2d_bold",
  "CoilCombinationMethod": "Sum of Squares",
  "ConsistencyInfo": "N4_VB17A_LATEST_20090307",
  "MatrixCoilMode": "SENSE",
  "MultibandAccelerationFactor": 3,
  "PercentPhaseFOV": 97.619,
  "PercentSampling": 100,
  "PhaseEncodingSteps": 82,
  "AcquisitionMatrixPE": 82,
  "ReconMatrixPE": 82,
  "BandwidthPerPixelPhaseEncode": 21.777,
  "EffectiveEchoSpacing": 0.00056,
  "DerivedVendorReportedEchoSpacing": 0.00056,
  "TotalReadoutTime": 0.04536,
  "PixelBandwidth": 2588,
  "DwellTime": 2.3e-06,
  "PhaseEncodingDirection": "j",
  "SliceTiming": [
    0,
    0.6375,
    1.275,
    0.4975,
    1.1325,
    0.355,
    0.9925,
    0.2125,
    0.85,
    0.0725,
    0.71,
    1.345,
    0.5675,
    1.205,
    0.425,
    1.0625,
    0.285,
    0.92,
    0.1425,
    0.78,
    0,
    0.6375,
    1.275,
    0.4975,
    1.1325,
    0.355,
    0.9925,
    0.2125,
    0.85,
    0.0725,
    0.71,
    1.345,
    0.5675,
    1.205,
    0.425,
    1.0625,
    0.285,
    0.92,
    0.1425,
    0.78,
    0,
    0.6375,
    1.275,
    0.4975,
    1.1325,
    0.355,
    0.9925,
    0.2125,
    0.85,
    0.0725,
    0.71,
    1.345,
    0.5675,
    1.205,
    0.425,
    1.0625,
    0.285,
    0.92,
    0.1425,
    0.78
  ],
  "ImageOrientationPatientDICOM": [
    0.992516,
    0.120201,
    -0.0215438,
    -0.121448,
    0.953173,
    -0.276968
  ],
  "ImageOrientationText": "Tra>Cor(-16.1)>Sag(0.7)",
  "InPlanePhaseEncodingDirectionDICOM": "COL",
  "BidsGuess": [
    "func",
    "_acq-epfid2m3_dir-PA_run-9_bold"
  ],
  "ConversionSoftware": "dcm2niix",
  "ConversionSoftwareVersion": "v1.0.20250505",
  "Dcm2bidsVersion": "3.2.0",
  "TaskName": "Six Dot Detection",
  "GeneratedBy": [
    {
      "Name": "fMRIPrep",
      "Version": "20.2.3",
      "Description": "fMRIPrep was used for anatomical and functional preprocessing.",
      "CodeURL": "https://github.com/nipreps/fmriprep"
    }
  ]
}