{
  "DelayTime": 0.07250000000000001,
  "RepetitionTime": 1.55,
  "SkullStripped": false,
  "Modality": "MR",
  "MagneticFieldStrength": 3,
  "ImagingFrequency": 123.217449,
  "Manufacturer": "Siemens",
  "ManufacturersModelName": "TrioTim",
  "InstitutionName": "Instytut Biologii Doswiadczalnej",
  "InstitutionalDepartmentName": "Department",
  "InstitutionAddress": "Pasteura 3,Warszawa,District,PL,02093",
  "PatientPosition": "HFS",
  "SoftwareVersions": "syngo MR B17",
  "MRAcquisitionType": "2D",
  "ScanningSequence": "EP",
  "SequenceVariant": "SK\\SS",
  "ScanOptions": "FS",
  "SequenceName": "epfid2d1_82",
  "ImageType": [
    "ORIGINAL",
    "PRIMARY",
    "M",
    "MB",
    "ND",
    "MOSAIC",
    "MAGNITUDE"
  ],
  "NonlinearGradientCorrection": false,
  "SeriesNumber": 10,
  "AcquisitionTime": "09:42:58.750000",
  "AcquisitionNumber": 1,
  "ImageComments": "Unaliased MB3/PE3/LB",
  "SliceThickness": 2.5,
  "SpacingBetweenSlices": 2.5,
  "SAR": 0.0644635,
  "TablePosition": [
    0,
    0,
    0
  ],
  "EchoTime": 0.0304,
  "FlipAngle": 56,
  "PartialFourier": 1,
  "BaseResolution": 84,
  "ShimSetting": [
    7092,
    -23638,
    18694,
    663,
    64,
    341,
    -129,
    70
  ],
  "TxRefAmp": 337.738,
  "PhaseResolution": 1,
  "ReceiveCoilName": "32Ch_Head",
  "CoilString": "C:HEA;HEP",
  "PulseSequenceDetails": "%CustomerSeq%\\cmrr_mbep2d_bold",
  "CoilCombinationMethod": "Sum of Squares",
  "ConsistencyInfo": "N4_VB17A_LATEST_20090307",
  "MatrixCoilMode": "SENSE",
  "MultibandAccelerationFactor": 3,
  "PercentPhaseFOV": 97.619,
  "PercentSampling": 100,
  "PhaseEncodingSteps": 82,
  "AcquisitionMatrixPE": 82,
  "ReconMatrixPE": 82,
  "BandwidthPerPixelPhaseEncode": 21.777,
  "EffectiveEchoSpacing": 0.00056,
  "DerivedVendorReportedEchoSpacing": 0.00056,
  "TotalReadoutTime": 0.04536,
  "PixelBandwidth": 2588,
  "DwellTime": 2.3e-06,
  "PhaseEncodingDirection": "j-",
  "SliceTiming": [
    0,
    0.7,
    1.4,
    0.545,
    1.245,
    0.39,
    1.09,
    0.2325,
    0.9325,
    0.0775,
    0.7775,
    1.4775,
    0.6225,
    1.3225,
    0.4675,
    1.1675,
    0.31,
    1.01,
    0.155,
    0.855,
    0,
    0.7,
    1.4,
    0.545,
    1.245,
    0.39,
    1.09,
    0.2325,
    0.9325,
    0.0775,
    0.7775,
    1.4775,
    0.6225,
    1.3225,
    0.4675,
    1.1675,
    0.31,
    1.01,
    0.155,
    0.855,
    0,
    0.7,
    1.4,
    0.545,
    1.245,
    0.39,
    1.09,
    0.2325,
    0.9325,
    0.0775,
    0.7775,
    1.4775,
    0.6225,
    1.3225,
    0.4675,
    1.1675,
    0.31,
    1.01,
    0.155,
    0.855
  ],
  "ImageOrientationPatientDICOM": [
    0.999861,
    -0.00217432,
    0.016536,
    0.0029666,
    0.998841,
    -0.0480401
  ],
  "ImageOrientationText": "Tra>Cor(-2.8)>Sag(0.9)",
  "InPlanePhaseEncodingDirectionDICOM": "COL",
  "BidsGuess": [
    "func",
    "_acq-epfid2m3_dir-AP_run-10_bold"
  ],
  "ConversionSoftware": "dcm2niix",
  "ConversionSoftwareVersion": "v1.0.20250505",
  "Dcm2bidsVersion": "3.2.0",
  "TaskName": "Playback",
  "GeneratedBy": [
    {
      "Name": "fMRIPrep",
      "Version": "21.0.0",
      "Description": "fMRIPrep was used for anatomical and functional preprocessing.",
      "CodeURL": "https://github.com/nipreps/fmriprep"
    }
  ]
}