{
  "SkullStripped": true,
  "Modality": "MR",
  "MagneticFieldStrength": 3,
  "ImagingFrequency": 123.217684,
  "Manufacturer": "Siemens",
  "ManufacturersModelName": "TrioTim",
  "InstitutionName": "Instytut Biologii Doswiadczalnej",
  "InstitutionalDepartmentName": "Department",
  "InstitutionAddress": "Pasteura 3,Warszawa,District,PL,02093",
  "PatientPosition": "HFS",
  "ProcedureStepDescription": "HEAD 32ch^BISAM",
  "SoftwareVersions": "syngo MR B17",
  "MRAcquisitionType": "3D",
  "ScanningSequence": "GR\\IR",
  "SequenceVariant": "SP\\MP",
  "ScanOptions": "IR",
  "SequenceName": "*tfl3d1_ns",
  "ImageType": [
    "ORIGINAL",
    "PRIMARY",
    "M",
    "ND",
    "NORM",
    "MAGNITUDE"
  ],
  "NonlinearGradientCorrection": false,
  "SeriesNumber": 12,
  "AcquisitionTime": "13:33:30.775000",
  "AcquisitionNumber": 1,
  "SliceThickness": 1,
  "SAR": 0.0714896,
  "TablePosition": [
    0,
    0,
    0
  ],
  "EchoTime": 0.00332,
  "RepetitionTime": 2.53,
  "InversionTime": 1.1,
  "FlipAngle": 7,
  "PartialFourier": 1,
  "BaseResolution": 256,
  "ShimSetting": [
    7082,
    -23565,
    18399,
    -101,
    -45,
    176,
    -62,
    41
  ],
  "TxRefAmp": 327.013,
  "PhaseResolution": 1,
  "ReceiveCoilName": "32Ch_Head",
  "CoilString": "C:HEA;HEP",
  "PulseSequenceDetails": "%SiemensSeq%\\tfl",
  "RefLinesPE": 32,
  "CoilCombinationMethod": "Adaptive Combine",
  "ConsistencyInfo": "N4_VB17A_LATEST_20090307",
  "MatrixCoilMode": "GRAPPA",
  "PercentPhaseFOV": 100,
  "PercentSampling": 100,
  "PhaseEncodingSteps": 255,
  "AcquisitionMatrixPE": 256,
  "ReconMatrixPE": 256,
  "ParallelReductionFactorInPlane": 2,
  "PixelBandwidth": 199,
  "DwellTime": 9.8e-06,
  "ImageOrientationPatientDICOM": [
    0.0164643,
    0.999767,
    0.0139616,
    -0.00937855,
    0.0141173,
    -0.999856
  ],
  "ImageOrientationText": "Sag>Cor(0.9)>Tra(0.6)",
  "InPlanePhaseEncodingDirectionDICOM": "ROW",
  "BidsGuess": [
    "anat",
    "_acq-tfl3p2_run-12_T1w"
  ],
  "ConversionSoftware": "dcm2niix",
  "ConversionSoftwareVersion": "v1.0.20250505",
  "Dcm2bidsVersion": "3.2.0",
  "GeneratedBy": [
    {
      "Name": "fMRIPrep",
      "Version": "23.2.1",
      "Description": "fMRIPrep was used for anatomical and functional preprocessing.",
      "CodeURL": "https://github.com/nipreps/fmriprep"
    }
  ]
}