{
  "DelayTime": 0.0674999999999999,
  "RepetitionTime": 1.41,
  "SkullStripped": false,
  "Modality": "MR",
  "MagneticFieldStrength": 3,
  "ImagingFrequency": 123.217898,
  "Manufacturer": "Siemens",
  "ManufacturersModelName": "TrioTim",
  "InstitutionName": "Instytut Biologii Doswiadczalnej",
  "InstitutionalDepartmentName": "Department",
  "InstitutionAddress": "Pasteura 3,Warszawa,District,PL,02093",
  "PatientPosition": "HFS",
  "SoftwareVersions": "syngo MR B17",
  "MRAcquisitionType": "2D",
  "ScanningSequence": "EP",
  "SequenceVariant": "SK\\SS",
  "ScanOptions": "FS",
  "SequenceName": "epfid2d1_82",
  "ImageType": [
    "ORIGINAL",
    "PRIMARY",
    "M",
    "MB",
    "ND",
    "MOSAIC",
    "MAGNITUDE"
  ],
  "NonlinearGradientCorrection": false,
  "SeriesNumber": 9,
  "AcquisitionTime": "16:01:3.660000",
  "AcquisitionNumber": 1,
  "ImageComments": "Unaliased MB3/PE3/LB",
  "SliceThickness": 2.5,
  "SpacingBetweenSlices": 2.5,
  "SAR": 0.063587,
  "TablePosition": [
    0,
    0,
    0
  ],
  "EchoTime": 0.0304,
  "FlipAngle": 56,
  "PartialFourier": 1,
  "BaseResolution": 84,
  "ShimSetting": [
    7113,
    -23679,
    18720,
    795,
    238,
    313,
    385,
    -5
  ],
  "TxRefAmp": 305.148,
  "PhaseResolution": 1,
  "ReceiveCoilName": "32Ch_Head",
  "CoilString": "C:HEA;HEP",
  "PulseSequenceDetails": "%CustomerSeq%\\cmrr_mbep2d_bold",
  "CoilCombinationMethod": "Sum of Squares",
  "ConsistencyInfo": "N4_VB17A_LATEST_20090307",
  "MatrixCoilMode": "SENSE",
  "MultibandAccelerationFactor": 3,
  "PercentPhaseFOV": 97.619,
  "PercentSampling": 100,
  "PhaseEncodingSteps": 82,
  "AcquisitionMatrixPE": 82,
  "ReconMatrixPE": 82,
  "BandwidthPerPixelPhaseEncode": 21.777,
  "EffectiveEchoSpacing": 0.00056,
  "DerivedVendorReportedEchoSpacing": 0.00056,
  "TotalReadoutTime": 0.04536,
  "PixelBandwidth": 2588,
  "DwellTime": 2.3e-06,
  "PhaseEncodingDirection": "j",
  "SliceTiming": [
    0,
    0.6375,
    1.2725,
    0.495,
    1.1325,
    0.3525,
    0.99,
    0.2125,
    0.8475,
    0.07,
    0.7075,
    1.345,
    0.565,
    1.2025,
    0.425,
    1.06,
    0.2825,
    0.92,
    0.14,
    0.7775,
    0,
    0.6375,
    1.2725,
    0.495,
    1.1325,
    0.3525,
    0.99,
    0.2125,
    0.8475,
    0.07,
    0.7075,
    1.345,
    0.565,
    1.2025,
    0.425,
    1.06,
    0.2825,
    0.92,
    0.14,
    0.7775,
    0,
    0.6375,
    1.2725,
    0.495,
    1.1325,
    0.3525,
    0.99,
    0.2125,
    0.8475,
    0.07,
    0.7075,
    1.345,
    0.565,
    1.2025,
    0.425,
    1.06,
    0.2825,
    0.92,
    0.14,
    0.7775
  ],
  "ImageOrientationPatientDICOM": [
    0.999545,
    0.00288406,
    0.0300207,
    -0.00383793,
    0.999488,
    0.0317646
  ],
  "ImageOrientationText": "Tra>Cor(1.8)>Sag(1.7)",
  "InPlanePhaseEncodingDirectionDICOM": "COL",
  "BidsGuess": [
    "func",
    "_acq-epfid2m3_dir-PA_run-9_bold"
  ],
  "ConversionSoftware": "dcm2niix",
  "ConversionSoftwareVersion": "v1.0.20250505",
  "Dcm2bidsVersion": "3.2.0",
  "TaskName": "Six Dot Detection",
  "GeneratedBy": [
    {
      "Name": "fMRIPrep",
      "Version": "20.2.3",
      "Description": "fMRIPrep was used for anatomical and functional preprocessing.",
      "CodeURL": "https://github.com/nipreps/fmriprep"
    }
  ]
}