{
  "DelayTime": 0.06499999999999995,
  "RepetitionTime": 1.41,
  "SkullStripped": false,
  "Modality": "MR",
  "MagneticFieldStrength": 3,
  "ImagingFrequency": 123.217551,
  "Manufacturer": "Siemens",
  "ManufacturersModelName": "TrioTim",
  "InstitutionName": "Instytut Biologii Doswiadczalnej",
  "InstitutionalDepartmentName": "Department",
  "InstitutionAddress": "Pasteura 3,Warszawa,District,PL,02093",
  "PatientPosition": "HFS",
  "SoftwareVersions": "syngo MR B17",
  "MRAcquisitionType": "2D",
  "ScanningSequence": "EP",
  "SequenceVariant": "SK\\SS",
  "ScanOptions": "FS",
  "SequenceName": "epfid2d1_82",
  "ImageType": [
    "ORIGINAL",
    "PRIMARY",
    "M",
    "MB",
    "ND",
    "MOSAIC",
    "MAGNITUDE"
  ],
  "NonlinearGradientCorrection": false,
  "SeriesNumber": 23,
  "AcquisitionTime": "18:39:45.470000",
  "AcquisitionNumber": 17,
  "ImageComments": "Unaliased MB3/PE3/LB",
  "SliceThickness": 2.5,
  "SpacingBetweenSlices": 2.5,
  "SAR": 0.0459978,
  "TablePosition": [
    0,
    0,
    0
  ],
  "EchoTime": 0.0304,
  "FlipAngle": 56,
  "PartialFourier": 1,
  "BaseResolution": 84,
  "ShimSetting": [
    7100,
    -23675,
    18706,
    625,
    10,
    193,
    208,
    -40
  ],
  "TxRefAmp": 308.165,
  "PhaseResolution": 1,
  "ReceiveCoilName": "32Ch_Head",
  "CoilString": "C:HEA;HEP",
  "PulseSequenceDetails": "%CustomerSeq%\\cmrr_mbep2d_bold",
  "CoilCombinationMethod": "Sum of Squares",
  "ConsistencyInfo": "N4_VB17A_LATEST_20090307",
  "MatrixCoilMode": "SENSE",
  "MultibandAccelerationFactor": 3,
  "PercentPhaseFOV": 97.619,
  "PercentSampling": 100,
  "PhaseEncodingSteps": 82,
  "AcquisitionMatrixPE": 82,
  "ReconMatrixPE": 82,
  "BandwidthPerPixelPhaseEncode": 21.777,
  "EffectiveEchoSpacing": 0.00056,
  "DerivedVendorReportedEchoSpacing": 0.00056,
  "TotalReadoutTime": 0.04536,
  "PixelBandwidth": 2588,
  "DwellTime": 2.3e-06,
  "PhaseEncodingDirection": "j",
  "SliceTiming": [
    0,
    0.635,
    1.2725,
    0.495,
    1.13,
    0.3525,
    0.99,
    0.21,
    0.8475,
    0.07,
    0.7075,
    1.3425,
    0.565,
    1.2025,
    0.4225,
    1.06,
    0.2825,
    0.9175,
    0.14,
    0.7775,
    0,
    0.635,
    1.2725,
    0.495,
    1.13,
    0.3525,
    0.99,
    0.21,
    0.8475,
    0.07,
    0.7075,
    1.3425,
    0.565,
    1.2025,
    0.4225,
    1.06,
    0.2825,
    0.9175,
    0.14,
    0.7775,
    0,
    0.635,
    1.2725,
    0.495,
    1.13,
    0.3525,
    0.99,
    0.21,
    0.8475,
    0.07,
    0.7075,
    1.3425,
    0.565,
    1.2025,
    0.4225,
    1.06,
    0.2825,
    0.9175,
    0.14,
    0.7775
  ],
  "ImageOrientationPatientDICOM": [
    0.997546,
    -0.0620776,
    0.0323703,
    0.062663,
    0.997883,
    -0.0173951
  ],
  "ImageOrientationText": "Tra>Sag(1.8)>Cor(-1.1)",
  "InPlanePhaseEncodingDirectionDICOM": "COL",
  "BidsGuess": [
    "func",
    "_acq-epfid2m3_dir-PA_run-23_bold"
  ],
  "ConversionSoftware": "dcm2niix",
  "ConversionSoftwareVersion": "v1.0.20250505",
  "Dcm2bidsVersion": "3.2.0",
  "TaskName": "Finger Tapping",
  "GeneratedBy": [
    {
      "Name": "fMRIPrep",
      "Version": "23.2.1",
      "Description": "fMRIPrep was used for anatomical and functional preprocessing.",
      "CodeURL": "https://github.com/nipreps/fmriprep"
    }
  ]
}